GEM
  remote: https://gems.ruby-china.org/
  specs:
    RedCloth (4.3.2)
    chunky_png (1.3.10)
    classifier (1.3.4)
      fast-stemmer (>= 1.0.0)
    compass (1.0.3)
      chunky_png (~> 1.2)
      compass-core (~> 1.0.2)
      compass-import-once (~> 1.0.5)
      rb-fsevent (>= 0.9.3)
      rb-inotify (>= 0.9)
      sass (>= 3.3.13, < 3.5)
    compass-core (1.0.3)
      multi_json (~> 1.0)
      sass (>= 3.3.0, < 3.5)
    compass-import-once (1.0.5)
      sass (>= 3.2, < 3.5)
    directory_watcher (1.5.1)
    fast-stemmer (1.0.2)
    ffi (1.9.23)
    haml (4.0.7)
      tilt
    jekyll (0.12.1)
      classifier (~> 1.3)
      directory_watcher (~> 1.1)
      kramdown (~> 0.14)
      liquid (~> 2.3)
      maruku (~> 0.5)
      pygments.rb (~> 0.3.2)
    jsmin (1.0.1)
    kramdown (0.14.2)
    liquid (2.6.3)
    maruku (0.7.3)
    multi_json (1.13.1)
    posix-spawn (0.3.13)
    pygments.rb (0.3.7)
      posix-spawn (~> 0.3.6)
      yajl-ruby (~> 1.3.0)
    rack (1.6.9)
    rack-protection (1.5.4)
      rack
    rake (11.3.0)
    rake-minify (0.4.0)
      jsmin (~> 1.0.1)
      rake (>= 0.8.7)
    rb-fsevent (0.10.3)
    rb-inotify (0.9.10)
      ffi (>= 0.5.0, < 2)
    redcarpet (3.4.0)
    rubypants (0.7.0)
    sass (3.4.25)
    sinatra (1.4.8)
      rack (~> 1.5)
      rack-protection (~> 1.4)
      tilt (>= 1.3, < 3)
    stringex (2.8.2)
    tilt (2.0.8)
    tzinfo (0.3.53)
    yajl-ruby (1.3.1)

PLATFORMS
  ruby

DEPENDENCIES
  RedCloth (~> 4.3.0)
  compass (~> 1.0.1)
  haml (~> 4.0.6)
  jekyll (~> 0.12.0)
  liquid (~> 2.5)
  pygments.rb (~> 0.3.4)
  rack (~> 1.6.5)
  rake (~> 11.3)
  rake-minify
  rb-fsevent
  redcarpet (~> 3.0)
  rubypants (~> 0.2)
  sinatra (~> 1.4.2)
  stringex (~> 2.0)
  tzinfo (~> 0.3.45)

BUNDLED WITH
   1.15.4
